GEM
  remote: https://rubygems.org/
  specs:
    call-me (0.0.2.3)
      refining
    commonjs (0.2.7)
    daemons (1.1.9)
    eventmachine (1.0.3)
    ffi (1.9.3)
    ffi-extra (0.1.0)
      ffi
    ffi-inline (0.0.4.3)
      ffi (>= 0.4.0)
    iso-639 (0.2.4)
    jsmin (1.0.1)
    less (2.4.0)
      commonjs (~> 0.2.7)
    rack (1.5.2)
    rack-protection (1.5.1)
      rack
    rack-test (0.6.2)
      rack (>= 1.0)
    refining (0.0.5.5)
    sinatra (1.4.4)
      rack (~> 1.4)
      rack-protection (~> 1.4)
      tilt (~> 1.3, >= 1.3.4)
    sinatra-assetpack (0.3.1)
      jsmin
      rack-test
      sinatra
      tilt (>= 1.3.0)
    tesseract-ocr (0.1.5)
      call-me
      ffi-extra
      ffi-inline
      iso-639
    thin (1.6.1)
      daemons (>= 1.0.9)
      eventmachine (>= 1.0.0)
      rack (>= 1.0.0)
    tilt (1.4.1)
    yui-compressor (0.12.0)

PLATFORMS
  ruby

DEPENDENCIES
  less
  sinatra
  sinatra-assetpack
  tesseract-ocr
  thin
  yui-compressor
